GEM
  remote: https://rubygems.org/
  specs:
    CFPropertyList (2.2.8)
    diff-lcs (1.3)
    facter (2.4.6)
      CFPropertyList (~> 2.2.6)
    hiera (1.3.4)
      json_pure
    json_pure (2.0.3)
    metaclass (0.0.4)
    mocha (1.2.1)
      metaclass (~> 0.0.1)
    puppet (3.8.7)
      facter (> 1.6, < 3)
      hiera (~> 1.0)
      json_pure
    puppet-lint (2.1.0)
    puppet-syntax (2.3.0)
      rake
    puppetlabs_spec_helper (1.2.2)
      mocha (~> 1.0)
      puppet-lint (~> 2.0)
      puppet-syntax (~> 2.0)
      rspec-puppet (~> 2.0)
    rake (12.0.0)
    rspec (3.5.0)
      rspec-core (~> 3.5.0)
      rspec-expectations (~> 3.5.0)
      rspec-mocks (~> 3.5.0)
    rspec-core (3.5.4)
      rspec-support (~> 3.5.0)
    rspec-expectations (3.5.0)
      diff-lcs (>= 1.2.0, < 2.0)
      rspec-support (~> 3.5.0)
    rspec-mocks (3.5.0)
      diff-lcs (>= 1.2.0, < 2.0)
      rspec-support (~> 3.5.0)
    rspec-puppet (2.4.0)
      rspec
    rspec-support (3.5.0)

PLATFORMS
  ruby

DEPENDENCIES
  puppet (= 3.8.7)
  puppet-lint (= 2.1.0)
  puppetlabs_spec_helper (= 1.2.2)
  rake (= 12.0.0)
  rspec-puppet (= 2.4.0)

BUNDLED WITH
   1.13.1
